GEM
  remote: https://rubygems.org/
  specs:
    colorize (0.8.1)
    encrypt (0.1.0)
    minitest (5.10.3)

PLATFORMS
  ruby

DEPENDENCIES
  colorize (~> 0.8.1)
  encrypt (~> 0.1.0)
  minitest (~> 5.10.3)

BUNDLED WITH
   1.15.3
